GIT
  remote: git://github.com/bitex-la/bitex-ruby.git
  revision: f72d75d97acf7a92b063a0c9a72b8f4416214c32
  branch: bitcoin-cash-market
  specs:
    bitex (0.6.0)
      activesupport
      curb (~> 0.9.3)

GIT
  remote: git://github.com/bitex-la/bitstamp.git
  revision: e769a73d0410fab07769abc46c3fa3422606c191
  branch: update-lib
  specs:
    bitstamp (0.4.2)
      activemodel (~> 5.1)
      activesupport (~> 5.1)
      rest-client (= 2.0.2)
      ruby-hmac

GEM
  remote: https://rubygems.org/
  specs:
    activemodel (5.2.2)
      activesupport (= 5.2.2)
    activerecord (5.2.2)
      activemodel (= 5.2.2)
      activesupport (= 5.2.2)
      arel (>= 9.0)
    activesupport (5.2.2)
      concurrent-ruby (~> 1.0, >= 1.0.2)
      i18n (>= 0.7, < 2)
      minitest (~> 5.1)
      tzinfo (~> 1.1)
    addressable (2.5.2)
      public_suffix (>= 2.0.2, < 4.0)
    addressabler (0.1.2)
      addressable (>= 2.3)
    arel (9.0.0)
    ast (2.4.0)
    byebug (10.0.2)
    concurrent-ruby (1.1.4)
    crack (0.4.3)
      safe_yaml (~> 1.0.0)
    curb (0.9.7)
    database_cleaner (1.7.0)
    diff-lcs (1.3)
    domain_name (0.5.20180417)
      unf (>= 0.0.5, < 1.0.0)
    factory_bot (4.11.1)
      activesupport (>= 3.0.0)
    faker (1.9.1)
      i18n (>= 0.7)
    hashdiff (0.3.8)
    hashie (3.5.7)
    http-cookie (1.0.3)
      domain_name (~> 0.5)
    httparty (0.16.3)
      mime-types (~> 3.0)
      multi_xml (>= 0.5.2)
    i18n (1.5.2)
      concurrent-ruby (~> 1.0)
    itbit (0.0.7)
      activesupport
      rest-client
    jaro_winkler (1.5.2)
    kraken_client (1.2.1)
      activesupport (>= 3.2)
      addressabler
      httparty
    mail (2.7.1)
      mini_mime (>= 0.1.1)
    mime-types (3.2.2)
      mime-types-data (~> 3.2015)
    mime-types-data (3.2018.0812)
    mini_mime (1.0.1)
    minitest (5.11.3)
    multi_xml (0.6.0)
    netrc (0.11.0)
    parallel (1.12.1)
    parser (2.5.3.0)
      ast (~> 2.4.0)
    powerpack (0.1.2)
    public_suffix (3.0.3)
    rainbow (3.0.0)
    rake (12.3.2)
    rest-client (2.0.2)
      http-cookie (>= 1.0.2, < 2.0)
      mime-types (>= 1.16, < 4.0)
      netrc (~> 0.8)
    rspec (3.8.0)
      rspec-core (~> 3.8.0)
      rspec-expectations (~> 3.8.0)
      rspec-mocks (~> 3.8.0)
    rspec-core (3.8.0)
      rspec-support (~> 3.8.0)
    rspec-expectations (3.8.2)
      diff-lcs (>= 1.2.0, < 2.0)
      rspec-support (~> 3.8.0)
    rspec-its (1.2.0)
      rspec-core (>= 3.0.0)
      rspec-expectations (>= 3.0.0)
    rspec-mocks (3.8.0)
      diff-lcs (>= 1.2.0, < 2.0)
      rspec-support (~> 3.8.0)
    rspec-support (3.8.0)
    rspec_junit_formatter (0.4.1)
      rspec-core (>= 2, < 4, != 2.12.0)
    rubocop (0.62.0)
      jaro_winkler (~> 1.5.1)
      parallel (~> 1.10)
      parser (>= 2.5, != 2.5.1.1)
      powerpack (~> 0.1)
      rainbow (>= 2.2.2, < 4.0)
      ruby-progressbar (~> 1.7)
      unicode-display_width (~> 1.4.0)
    ruby-hmac (0.4.0)
    ruby-progressbar (1.10.0)
    safe_yaml (1.0.4)
    shoulda-matchers (3.1.2)
      activesupport (>= 4.0.0)
    sqlite3 (1.3.13)
    thread_safe (0.3.6)
    timecop (0.9.1)
    tzinfo (1.2.5)
      thread_safe (~> 0.1)
    unf (0.1.4)
      unf_ext
    unf_ext (0.0.7.5)
    unicode-display_width (1.4.1)
    vcr (4.0.0)
    webmock (3.5.1)
      addressable (>= 2.3.6)
      crack (>= 0.3.2)
      hashdiff

PLATFORMS
  ruby

DEPENDENCIES
  activerecord
  bitex!
  bitstamp!
  bundler
  byebug
  database_cleaner
  factory_bot
  faker
  hashie (~> 3.5.4)
  itbit
  kraken_client (~> 1.2.1)
  mail
  rake
  rspec
  rspec-its
  rspec-mocks
  rspec_junit_formatter
  rubocop
  shoulda-matchers
  sqlite3
  timecop
  vcr
  webmock

BUNDLED WITH
   1.16.1
